GEM
  remote: https://rubygems.org/
  specs:
    workers (0.6.1)

PLATFORMS
  ruby

DEPENDENCIES
  workers

BUNDLED WITH
   1.17.2
